GEM
  remote: https://rubygems.org/
  specs:
    coderay (1.1.3)
    dotenv (2.8.1)
    faraday (2.4.0)
      faraday-net_http (~> 2.0)
      ruby2_keywords (>= 0.0.4)
    faraday-net_http (2.1.0)
    method_source (1.0.0)
    pry (0.14.1)
      coderay (~> 1.1)
      method_source (~> 1.0)
    rack (2.2.4)
    ruby2_keywords (0.0.5)
    webrick (1.7.0)

PLATFORMS
  aarch64-linux
  x86_64-darwin-21
  x86_64-linux

DEPENDENCIES
  dotenv (~> 2.8)
  faraday (~> 2.4)
  pry (~> 0.14.1)
  rack (~> 2.2)
  webrick (~> 1.7)

BUNDLED WITH
   2.3.17
